GEM
  remote: https://rubygems.org/
  specs:
    coderay (1.1.3)
    facets (3.1.0)
    httparty (0.20.0)
      mime-types (~> 3.0)
      multi_xml (>= 0.5.2)
    method_source (1.0.0)
    mime-types (3.3.1)
      mime-types-data (~> 3.2015)
    mime-types-data (3.2021.0901)
    multi_xml (0.6.0)
    power_assert (2.0.1)
    pry (0.14.1)
      coderay (~> 1.1)
      method_source (~> 1.0)
    pry-nav (1.0.0)
      pry (>= 0.9.10, < 0.15)
    test-unit (3.5.1)
      power_assert

PLATFORMS
  arm64-darwin-20

DEPENDENCIES
  facets
  httparty
  pry
  pry-nav
  test-unit

BUNDLED WITH
   2.2.22
